GEM
  remote: https://rubygems.org/
  specs:
    Ascii85 (1.1.0)
    addressable (2.8.6)
      public_suffix (>= 2.0.2, < 6.0)
    afm (0.2.2)
    baran (0.1.10)
    base64 (0.2.0)
    bigdecimal (3.1.6)
    coderay (1.1.3)
    colorize (0.8.1)
    dotenv (3.0.2)
    event_stream_parser (1.0.0)
    faraday (2.9.0)
      faraday-net_http (>= 2.0, < 3.2)
    faraday-multipart (1.0.4)
      multipart-post (~> 2)
    faraday-net_http (3.1.0)
      net-http
    hashery (2.1.2)
    httparty (0.21.0)
      mini_mime (>= 1.0.0)
      multi_xml (>= 0.5.2)
    json-schema (4.0.0)
      addressable (>= 2.8)
    langchainrb (0.9.2)
      baran (~> 0.1.9)
      colorize (~> 0.8.1)
      json-schema (~> 4.0.0)
      matrix
      pragmatic_segmenter (~> 0.3.0)
      tiktoken_ruby (~> 0.0.5)
      to_bool (~> 2.0.0)
      zeitwerk (~> 2.5)
    matrix (0.4.2)
    method_source (1.0.0)
    mini_mime (1.1.5)
    multi_xml (0.6.0)
    multipart-post (2.4.0)
    net-http (0.4.1)
      uri
    nokogiri (1.16.2-aarch64-linux)
      racc (~> 1.4)
    nokogiri (1.16.2-arm-linux)
      racc (~> 1.4)
    nokogiri (1.16.2-arm64-darwin)
      racc (~> 1.4)
    nokogiri (1.16.2-x86_64-darwin)
      racc (~> 1.4)
    nokogiri (1.16.2-x86_64-linux)
      racc (~> 1.4)
    pdf-reader (2.12.0)
      Ascii85 (~> 1.0)
      afm (~> 0.2.1)
      hashery (~> 2.0)
      ruby-rc4
      ttfunk
    pg (1.5.5)
    pgvector (0.2.2)
    pragmatic_segmenter (0.3.23)
      unicode
    pry (0.14.2)
      coderay (~> 1.1)
      method_source (~> 1.0)
    public_suffix (5.0.4)
    racc (1.7.3)
    rexml (3.2.6)
    ruby-openai (6.3.1)
      event_stream_parser (>= 0.3.0, < 2.0.0)
      faraday (>= 1)
      faraday-multipart (>= 1)
    ruby-rc4 (0.1.5)
    rubyzip (2.3.2)
    selenium-webdriver (4.17.0)
      base64 (~> 0.2)
      rexml (~> 3.2, >= 3.2.5)
      rubyzip (>= 1.2.2, < 3.0)
      websocket (~> 1.0)
    sequel (5.77.0)
      bigdecimal
    spidr (0.7.1)
      nokogiri (~> 1.3)
    tiktoken_ruby (0.0.7-aarch64-linux)
    tiktoken_ruby (0.0.7-arm-linux)
    tiktoken_ruby (0.0.7-arm64-darwin)
    tiktoken_ruby (0.0.7-x86_64-darwin)
    tiktoken_ruby (0.0.7-x86_64-linux)
    tiktoken_ruby (0.0.7-x86_64-linux-musl)
    to_bool (2.0.0)
    ttfunk (1.7.0)
    unicode (0.4.4.4)
    uri (0.13.0)
    websocket (1.2.10)
    zeitwerk (2.6.13)

PLATFORMS
  aarch64-linux
  arm-linux
  arm64-darwin
  x86_64-darwin
  x86_64-linux
  x86_64-linux-musl

DEPENDENCIES
  dotenv (~> 3.0.2)
  httparty
  langchainrb (~> 0.9.2)
  nokogiri
  pdf-reader (~> 2.12.0)
  pg (~> 1.5.5)
  pgvector (~> 0.2.2)
  pry
  ruby-openai (~> 6.3.1)
  selenium-webdriver
  sequel (~> 5.77.0)
  spidr

BUNDLED WITH
   2.5.4
